GEM
  remote: https://rubygems.org/
  specs:
    chronic (0.10.2)
    net-ssh (3.2.0)
    whenever (0.9.7)
      chronic (>= 0.6.3)

PLATFORMS
  ruby

DEPENDENCIES
  net-ssh
  whenever

BUNDLED WITH
   1.12.5
