GEM
  remote: https://rubygems.org/
  specs:
    addressable (2.3.8)
    chronic (0.10.2)
    dotenv (2.1.1)
    keen (0.9.6)
      addressable (~> 2.3.5)
      multi_json (~> 1.3)
    multi_json (1.12.1)
    net-ssh (3.2.0)
    rack (1.6.4)
    rack-protection (1.5.3)
      rack
    sinatra (1.4.7)
      rack (~> 1.5)
      rack-protection (~> 1.4)
      tilt (>= 1.3, < 3)
    tilt (2.0.5)
    whenever (0.9.7)
      chronic (>= 0.6.3)

PLATFORMS
  ruby

DEPENDENCIES
  dotenv
  keen
  net-ssh
  sinatra
  whenever

BUNDLED WITH
   1.12.5
